PATH
  remote: .
  specs:
    cure (0.1.0)

GEM
  remote: https://rubygems.org/
  specs:
    minitest (5.7.0)
    rake (10.4.2)
    rake-compiler (0.9.5)
      rake

PLATFORMS
  ruby

DEPENDENCIES
  bundler (~> 1.10)
  cure!
  minitest
  rake (~> 10.0)
  rake-compiler (~> 0.9.5)

BUNDLED WITH
   1.10.6
